PATH
  remote: /Users/neilm/workspace/guard-brakeman
  specs:
    guard-brakeman (0.6.2)
      brakeman (>= 1.8.2)
      guard (>= 1.1.0)

GEM
  remote: http://rubygems.org/
  specs:
    actionmailer (2.3.11)
      actionpack (= 2.3.11)
    actionpack (2.3.11)
      activesupport (= 2.3.11)
      rack (~> 1.1.0)
    activerecord (2.3.11)
      activesupport (= 2.3.11)
    activeresource (2.3.11)
      activesupport (= 2.3.11)
    activesupport (2.3.11)
    brakeman (1.8.3)
      activesupport
      erubis (~> 2.6)
      fastercsv (~> 1.5)
      haml (~> 3.0)
      highline (~> 1.6)
      i18n
      multi_json (~> 1.3)
      ruby2ruby (~> 1.2)
      ruby_parser (= 2.3.1)
      sass (~> 3.0)
      terminal-table (~> 1.4)
    coderay (1.0.8)
    erubis (2.7.0)
    fastercsv (1.5.5)
    guard (1.5.4)
      listen (>= 0.4.2)
      lumberjack (>= 1.0.2)
      pry (>= 0.9.10)
      thor (>= 0.14.6)
    haml (3.1.7)
    highline (1.6.15)
    i18n (0.6.1)
    listen (0.6.0)
    lumberjack (1.0.2)
    method_source (0.8.1)
    multi_json (1.5.0)
    pry (0.9.10)
      coderay (~> 1.0.5)
      method_source (~> 0.8)
      slop (~> 3.3.1)
    rack (1.1.3)
    rails (2.3.11)
      actionmailer (= 2.3.11)
      actionpack (= 2.3.11)
      activerecord (= 2.3.11)
      activeresource (= 2.3.11)
      activesupport (= 2.3.11)
      rake (>= 0.8.3)
    rake (0.9.2.2)
    ruby2ruby (1.3.1)
      ruby_parser (~> 2.0)
      sexp_processor (~> 3.0)
    ruby_parser (2.3.1)
      sexp_processor (~> 3.0)
    sass (3.2.3)
    sexp_processor (3.2.0)
    slop (3.3.3)
    terminal-table (1.4.5)
    thor (0.16.0)

PLATFORMS
  ruby

DEPENDENCIES
  guard-brakeman!
  rails (= 2.3.11)
